STORAGE: NONE
RESTRICTION: == netcoreapp3.1
NUGET
  remote: https://api.nuget.org/v3/index.json
    FsConfig (2.1.6)
      FSharp.Core (>= 4.2.3)
      Microsoft.Extensions.Configuration
      TypeShape (>= 8.0)
    FSharp.Core (4.7.1)
    Giraffe (4.1)
      FSharp.Core (>= 4.7)
      Microsoft.IO.RecyclableMemoryStream (>= 1.2.2)
      Newtonsoft.Json (>= 12.0.2)
      TaskBuilder.fs (>= 2.1)
      Utf8Json (>= 1.3.7)
    Microsoft.AspNetCore.Diagnostics.HealthChecks (2.2)
      Microsoft.AspNetCore.Http.Abstractions (>= 2.2)
      Microsoft.Extensions.Diagnostics.HealthChecks (>= 2.2)
      Microsoft.Extensions.Options (>= 2.2)
      Microsoft.Net.Http.Headers (>= 2.2)
    Microsoft.AspNetCore.Http.Abstractions (2.2)
      Microsoft.AspNetCore.Http.Features (>= 2.2)
      System.Text.Encodings.Web (>= 4.5)
    Microsoft.AspNetCore.Http.Features (3.1.3)
      Microsoft.Extensions.Primitives (>= 3.1.3)
      System.IO.Pipelines (>= 4.7.1)
    Microsoft.Extensions.Configuration (3.1.3)
      Microsoft.Extensions.Configuration.Abstractions (>= 3.1.3)
    Microsoft.Extensions.Configuration.Abstractions (3.1.3)
      Microsoft.Extensions.Primitives (>= 3.1.3)
    Microsoft.Extensions.DependencyInjection.Abstractions (3.1.3)
    Microsoft.Extensions.Diagnostics.HealthChecks (3.1.3)
      Microsoft.Extensions.Diagnostics.HealthChecks.Abstractions (>= 3.1.3)
      Microsoft.Extensions.Hosting.Abstractions (>= 3.1.3)
      Microsoft.Extensions.Options (>= 3.1.3)
    Microsoft.Extensions.Diagnostics.HealthChecks.Abstractions (3.1.3)
    Microsoft.Extensions.FileProviders.Abstractions (3.1.3)
      Microsoft.Extensions.Primitives (>= 3.1.3)
    Microsoft.Extensions.Hosting.Abstractions (3.1.3)
      Microsoft.Extensions.Configuration.Abstractions (>= 3.1.3)
      Microsoft.Extensions.DependencyInjection.Abstractions (>= 3.1.3)
      Microsoft.Extensions.FileProviders.Abstractions (>= 3.1.3)
      Microsoft.Extensions.Logging.Abstractions (>= 3.1.3)
    Microsoft.Extensions.Logging.Abstractions (3.1.3)
    Microsoft.Extensions.Options (3.1.3)
      Microsoft.Extensions.DependencyInjection.Abstractions (>= 3.1.3)
      Microsoft.Extensions.Primitives (>= 3.1.3)
    Microsoft.Extensions.Primitives (3.1.3)
    Microsoft.IO.RecyclableMemoryStream (1.3.3)
    Microsoft.Net.Http.Headers (2.2.8)
      Microsoft.Extensions.Primitives (>= 2.2)
      System.Buffers (>= 4.5)
    Microsoft.NETCore.Platforms (3.1)
    NETStandard.Library (2.0.3)
      Microsoft.NETCore.Platforms (>= 1.1)
    Newtonsoft.Json (12.0.3)
    System.Buffers (4.5.1)
    System.IO.Pipelines (4.7.1)
    System.Reflection.Emit (4.7)
    System.Reflection.Emit.Lightweight (4.7)
    System.Text.Encodings.Web (4.7)
    System.Threading.Tasks.Extensions (4.5.4)
    System.ValueTuple (4.5)
    TaskBuilder.fs (2.1)
      FSharp.Core (>= 4.1.17)
      NETStandard.Library (>= 1.6.1)
      System.ValueTuple (>= 4.4)
    TypeShape (8.0.1)
      FSharp.Core (>= 4.3.4)
      System.Reflection.Emit.Lightweight (>= 4.3)
    Utf8Json (1.3.7)
      System.Reflection.Emit (>= 4.3)
      System.Reflection.Emit.Lightweight (>= 4.3)
      System.Threading.Tasks.Extensions (>= 4.4)
      System.ValueTuple (>= 4.4)
