STORAGE: NONE
RESTRICTION: == netcore5
NUGET
  remote: https://api.nuget.org/v3/index.json
    Argu (6.1.1)
    Bogus (32.0.2)
    Destructurama.FSharp (1.1.1-dev-00035)
    Expecto (9.0.2)
    Expecto.BenchmarkDotNet (9.0.2)
    Expecto.FsCheck (9.0.2)
    Expecto.Hopac (9.0.2)
    FsConfig (2.1.6)
      FSharp.Core (>= 4.2.3)
      Microsoft.Extensions.Configuration
      TypeShape (>= 8.0)
    FSharp.Core (5.0)
    FSharp.Data (3.3.3)
    FSharpx.Async (1.14.1)
    FsToolkit.ErrorHandling (2.0)
    Giraffe (4.1)
    Giraffe.Razor (5.0)
    Google.Cloud.Firestore (2.3)
    Google.Cloud.Storage.V1 (3.3)
    Hopac (0.5)
    Http.fs (5.4)
    Logary.Adapters.Facade (5.0.1)
    Microsoft.AspNetCore.Diagnostics.HealthChecks (2.2)
    Microsoft.AspNetCore.Mvc.Razor.RuntimeCompilation (5.0.1)
    Microsoft.AspNetCore.TestHost (5.0.1)
    Microsoft.Extensions.Configuration (5.0) - restriction: false
    Microsoft.Extensions.Configuration.Json (5.0)
    Microsoft.Extensions.Logging (5.0)
    Microsoft.FSharpLu.Json (0.11.6)
    Serilog (2.10)
    Serilog.AspNetCore (3.4)
    Serilog.Formatting.Compact (1.1)
    Serilog.Sinks.Console (3.1.1)
    TaskBuilder.fs (2.1)
    TypeShape (9.0) - restriction: false
    Westwind.AspNetCore.LiveReload (0.3)
